GEM
  remote: https://rubygems.org/
  specs:
    aws-eventstream (1.3.0)
    aws-partitions (1.926.0)
    aws-sdk-core (3.194.2)
      aws-eventstream (~> 1, >= 1.3.0)
      aws-partitions (~> 1, >= 1.651.0)
      aws-sigv4 (~> 1.8)
      jmespath (~> 1, >= 1.6.1)
    aws-sdk-sqs (1.73.0)
      aws-sdk-core (~> 3, >= 3.193.0)
      aws-sigv4 (~> 1.1)
    aws-sigv4 (1.8.0)
      aws-eventstream (~> 1, >= 1.0.2)
    jmespath (1.6.2)
    ox (2.14.18)

PLATFORMS
  ruby
  x86_64-linux

DEPENDENCIES
  aws-sdk-sqs
  ox

BUNDLED WITH
   2.5.6
